PATH
  remote: .
  specs:
    multi_daemons (0.1.1)

GEM
  remote: https://rubygems.org/
  specs:
    byebug (10.0.2)
    metaclass (0.0.4)
    minitest (5.11.3)
    mocha (1.7.0)
      metaclass (~> 0.0.1)
    rake (10.5.0)

PLATFORMS
  ruby

DEPENDENCIES
  bundler (~> 1.16)
  byebug (~> 10.0)
  minitest (~> 5.0)
  mocha (~> 1.7)
  multi_daemons!
  rake (~> 10.0)

BUNDLED WITH
   1.16.2
