PATH
  remote: .
  specs:
    multi_daemons (1.0.1)

GEM
  remote: https://rubygems.org/
  specs:
    byebug (10.0.2)
    docile (1.3.1)
    json (2.3.1)
    metaclass (0.0.4)
    minitest (5.11.3)
    mocha (1.7.0)
      metaclass (~> 0.0.1)
    rake (10.5.0)
    simplecov (0.16.1)
      docile (~> 1.1)
      json (>= 1.8, < 3)
      simplecov-html (~> 0.10.0)
    simplecov-html (0.10.2)

PLATFORMS
  ruby

DEPENDENCIES
  bundler (~> 1.16)
  byebug (~> 10.0)
  minitest (~> 5.0)
  mocha (~> 1.7)
  multi_daemons!
  rake (~> 10.0)
  simplecov

BUNDLED WITH
   1.17.3
